GEM
  remote: https://rubygems.org/
  specs:
    bubble-wrap (1.3.0)
    motion-stump (0.3.0)
    rake (10.0.4)
    sugarcube (1.3.4)
    teacup (2.1.12)

PLATFORMS
  ruby

DEPENDENCIES
  bubble-wrap (~> 1.3.0)
  motion-stump
  rake
  sugarcube
  teacup (~> 2.1.12)
